GEM
  remote: https://rubygems.org/
  specs:
    addressable (2.3.5)
    atomic (1.1.15)
    buftok (0.2.0)
    equalizer (0.0.9)
    faraday (0.9.0)
      multipart-post (>= 1.2, < 3)
    http (0.5.0)
      http_parser.rb
    http_parser.rb (0.6.0)
    httparty (0.13.0)
      json (~> 1.8)
      multi_xml (>= 0.5.2)
    json (1.8.1)
    memoizable (0.4.1)
      thread_safe (~> 0.2.0)
    metaclass (0.0.4)
    minitest (5.3.1)
    mocha (1.0.0)
      metaclass (~> 0.0.1)
    multi_xml (0.5.5)
    multipart-post (2.0.0)
    mysql2 (0.3.15)
    naught (1.0.0)
    oauth (0.4.7)
    simple_oauth (0.2.0)
    thread_safe (0.2.0)
      atomic (>= 1.1.7, < 2)
    twitter (5.8.0)
      addressable (~> 2.3)
      buftok (~> 0.2.0)
      equalizer (~> 0.0.9)
      faraday (~> 0.9.0)
      http (~> 0.5.0)
      http_parser.rb (~> 0.6.0)
      json (~> 1.8)
      memoizable (~> 0.4.0)
      naught (~> 1.0)
      simple_oauth (~> 0.2.0)

PLATFORMS
  x86-mingw32

DEPENDENCIES
  httparty
  json
  minitest
  mocha
  mysql2
  oauth
  twitter
